GEM
  remote: https://rubygems.org/
  specs:
    activesupport (7.1.3.2)
      base64
      bigdecimal
      concurrent-ruby (~> 1.0, >= 1.0.2)
      connection_pool (>= 2.2.5)
      drb
      i18n (>= 1.6, < 2)
      minitest (>= 5.1)
      mutex_m
      tzinfo (~> 2.0)
    addressable (2.8.6)
      public_suffix (>= 2.0.2, < 6.0)
    base64 (0.2.0)
    bigdecimal (3.1.7)
    concurrent-ruby (1.2.3)
    connection_pool (2.4.1)
    drb (2.2.1)
    faraday (1.2.0)
      multipart-post (>= 1.2, < 3)
      ruby2_keywords
    gapic-common (0.3.4)
      google-protobuf (~> 3.12, >= 3.12.2)
      googleapis-common-protos (>= 1.3.9, < 2.0)
      googleapis-common-protos-types (>= 1.0.4, < 2.0)
      googleauth (~> 0.9)
      grpc (~> 1.25)
    google-ads-googleads (10.0.0)
      gapic-common (~> 0.3.0)
      google-protobuf (~> 3.12)
    google-api-client (0.9.1)
      activesupport (>= 3.2)
      addressable (~> 2.3)
      googleauth (~> 0.5)
      httpclient (~> 2.7)
      hurley (~> 0.1)
      memoist (~> 0.11)
      mime-types (>= 1.6)
      multi_json (~> 1.11)
      representable (~> 2.3.0)
      retriable (~> 2.0)
      thor (~> 0.19)
    google-protobuf (3.25.3)
    google-protobuf (3.25.3-aarch64-linux)
    google-protobuf (3.25.3-arm64-darwin)
    google-protobuf (3.25.3-x86-linux)
    google-protobuf (3.25.3-x86_64-darwin)
    google-protobuf (3.25.3-x86_64-linux)
    googleapis-common-protos (1.5.0)
      google-protobuf (~> 3.18)
      googleapis-common-protos-types (~> 1.7)
      grpc (~> 1.41)
    googleapis-common-protos-types (1.13.0)
      google-protobuf (~> 3.18)
    googleauth (0.17.1)
      faraday (>= 0.17.3, < 2.0)
      jwt (>= 1.4, < 3.0)
      memoist (~> 0.16)
      multi_json (~> 1.11)
      os (>= 0.9, < 2.0)
      signet (~> 0.15)
    grpc (1.62.0)
      google-protobuf (~> 3.25)
      googleapis-common-protos-types (~> 1.0)
    grpc (1.62.0-aarch64-linux)
      google-protobuf (~> 3.25)
      googleapis-common-protos-types (~> 1.0)
    grpc (1.62.0-arm64-darwin)
      google-protobuf (~> 3.25)
      googleapis-common-protos-types (~> 1.0)
    grpc (1.62.0-x86-linux)
      google-protobuf (~> 3.25)
      googleapis-common-protos-types (~> 1.0)
    grpc (1.62.0-x86_64-darwin)
      google-protobuf (~> 3.25)
      googleapis-common-protos-types (~> 1.0)
    grpc (1.62.0-x86_64-linux)
      google-protobuf (~> 3.25)
      googleapis-common-protos-types (~> 1.0)
    httpclient (2.8.3)
    hurley (0.2)
    i18n (1.14.4)
      concurrent-ruby (~> 1.0)
    jwt (2.8.1)
      base64
    memoist (0.16.2)
    mime-types (3.5.2)
      mime-types-data (~> 3.2015)
    mime-types-data (3.2024.0305)
    minitest (5.22.3)
    multi_json (1.15.0)
    multipart-post (2.4.0)
    mutex_m (0.2.0)
    os (1.1.4)
    public_suffix (5.0.4)
    representable (2.3.0)
      uber (~> 0.0.7)
    retriable (2.1.0)
    ruby2_keywords (0.0.5)
    signet (0.19.0)
      addressable (~> 2.8)
      faraday (>= 0.17.5, < 3.a)
      jwt (>= 1.5, < 3.0)
      multi_json (~> 1.10)
    thor (0.20.3)
    tzinfo (2.0.6)
      concurrent-ruby (~> 1.0)
    uber (0.0.15)

PLATFORMS
  aarch64-linux
  arm64-darwin
  ruby
  x86-linux
  x86_64-darwin
  x86_64-linux

DEPENDENCIES
  google-ads-googleads
  google-api-client (= 0.9.1)
  googleauth

BUNDLED WITH
   2.5.3
